GEM
  remote: https://rubygems.org/
  specs:

PLATFORMS
  arm64-darwin-24
  x86_64-linux

DEPENDENCIES

BUNDLED WITH
   2.4.10
